GEM
  remote: https://rubygems.org/
  specs:
    activesupport (6.1.4)
      concurrent-ruby (~> 1.0, >= 1.0.2)
      i18n (>= 1.6, < 2)
      minitest (>= 5.1)
      tzinfo (~> 2.0)
      zeitwerk (~> 2.3)
    byebug (11.1.3)
    caxlsx (3.1.0)
      htmlentities (~> 4.3, >= 4.3.4)
      marcel (~> 1.0)
      nokogiri (~> 1.10, >= 1.10.4)
      rubyzip (>= 1.3.0, < 3)
    coderay (1.1.3)
    colorize (0.8.1)
    concurrent-ruby (1.1.9)
    dotenv (2.7.6)
    htmlentities (4.3.4)
    i18n (1.8.10)
      concurrent-ruby (~> 1.0)
    marcel (1.0.1)
    metacrunch (4.2.0)
      activesupport (>= 5.1.0)
      colorize (>= 0.8.1)
    metacrunch-db (1.0.1)
      activesupport (>= 5.1.0)
      sequel (>= 5.0.0)
    metacrunch-file (1.5.0)
      activesupport
      caxlsx (~> 3.0)
      smarter_csv (~> 1.2)
    metacrunch-marcxml (2.0.0)
      activesupport (>= 5.1)
      htmlentities (>= 4.3)
      ox (>= 2.8)
    method_source (1.0.0)
    mini_portile2 (2.6.1)
    minitest (5.14.4)
    nokogiri (1.12.3)
      mini_portile2 (~> 2.6.1)
      racc (~> 1.4)
    ox (2.14.5)
    pry (0.13.1)
      coderay (~> 1.1)
      method_source (~> 1.0)
    pry-byebug (3.9.0)
      byebug (~> 11.0)
      pry (~> 0.13.0)
    racc (1.5.2)
    ruby-oci8 (2.2.9)
    ruby-progressbar (1.11.0)
    rubyzip (2.3.2)
    sequel (5.46.0)
    smarter_csv (1.2.8)
    sqlite3 (1.4.2)
    tzinfo (2.0.4)
      concurrent-ruby (~> 1.0)
    zeitwerk (2.4.2)

PLATFORMS
  ruby

DEPENDENCIES
  dotenv (>= 2.2.1)
  metacrunch (~> 4.2.0)
  metacrunch-db (~> 1.0.1)
  metacrunch-file (~> 1.5.0)
  metacrunch-marcxml (~> 2.0.0)
  pry-byebug (>= 3.3.0)
  ruby-oci8 (~> 2.0)
  ruby-progressbar (~> 1.0)
  sqlite3 (>= 1.3.11)

BUNDLED WITH
   2.2.22
